GEM
  remote: http://rubygems.org/
  specs:
    builder (3.0.0)
    coderay (1.0.4)
    cri (1.0.1)
    haml (3.1.3)
    nanoc (3.1.9)
      nanoc3 (>= 3.1.9)
    nanoc3 (3.1.9)
      cri (~> 1.0)
    nokogiri (1.5.0)

PLATFORMS
  ruby

DEPENDENCIES
  builder
  coderay
  haml
  nanoc (< 3.2.x)
  nanoc3 (< 3.2.x)
  nokogiri
